GEM
  remote: https://rubygems.org/
  specs:
    gruff (0.15.0)
      histogram
      rmagick (>= 4.2)
    histogram (0.2.4.1)
    rmagick (4.2.5)

PLATFORMS
  x64-mingw-ucrt

DEPENDENCIES
  gruff
  rmagick

BUNDLED WITH
   2.3.7
